GEM
  remote: https://rubygems.org/
  specs:
    asciidoctor (2.0.16)
    asciidoctor-multipage (0.0.12)
      asciidoctor (>= 2.0.11, < 2.1)
    coderay (1.1.3)
    pygments.rb (2.2.0)
    rouge (3.26.0)

PLATFORMS
  x86_64-darwin-19

DEPENDENCIES
  asciidoctor
  asciidoctor-multipage
  coderay
  pygments.rb
  rouge

BUNDLED WITH
   2.2.26
